PATH
  remote: ..
  specs:
    fluentspec (0.1.0)
      fluentd (>= 0.12)

GEM
  remote: https://rubygems.org/
  specs:
    activesupport (5.1.2)
      concurrent-ruby (~> 1.0, >= 1.0.2)
      i18n (~> 0.7)
      minitest (~> 5.1)
      tzinfo (~> 1.1)
    addressable (2.5.1)
      public_suffix (~> 2.0, >= 2.0.2)
    aws-sdk (2.10.9)
      aws-sdk-resources (= 2.10.9)
    aws-sdk-core (2.10.9)
      aws-sigv4 (~> 1.0)
      jmespath (~> 1.0)
    aws-sdk-resources (2.10.9)
      aws-sdk-core (= 2.10.9)
    aws-sigv4 (1.0.0)
    coderay (1.1.1)
    concurrent-ruby (1.0.5)
    cool.io (1.5.0)
    diff-lcs (1.3)
    domain_name (0.5.20170404)
      unf (>= 0.0.5, < 1.0.0)
    fluent-plugin-concat (1.0.0)
      fluentd (~> 0.12.21)
    fluent-plugin-kinesis (1.1.3)
      aws-sdk (~> 2)
      concurrent-ruby (~> 1)
      fluentd (>= 0.10.58, < 2)
      os (>= 0.9.6)
      protobuf (>= 3.5.5)
    fluent-plugin-kubernetes_metadata_filter (0.27.0)
      fluentd (>= 0.12.0)
      kubeclient (~> 1.1.4)
      lru_redux
    fluent-plugin-rewrite-tag-filter (1.5.6)
      fluentd (>= 0.10.0, < 0.14.0)
    fluent-plugin-slack (0.6.7)
      fluentd (>= 0.10.8)
    fluentd (0.12.37)
      cool.io (>= 1.2.2, < 2.0.0)
      http_parser.rb (>= 0.5.1, < 0.7.0)
      json (>= 1.4.3)
      msgpack (>= 0.5.11, < 2)
      sigdump (~> 0.2.2)
      string-scrub (>= 0.0.3, <= 0.0.5)
      tzinfo (>= 1.0.0)
      tzinfo-data (>= 1.0.0)
      yajl-ruby (~> 1.0)
    http (0.9.8)
      addressable (~> 2.3)
      http-cookie (~> 1.0)
      http-form_data (~> 1.0.1)
      http_parser.rb (~> 0.6.0)
    http-cookie (1.0.3)
      domain_name (~> 0.5)
    http-form_data (1.0.3)
    http_parser.rb (0.6.0)
    i18n (0.8.6)
    jmespath (1.3.1)
    json (2.1.0)
    kubeclient (1.1.4)
      activesupport
      http (= 0.9.8)
      recursive-open-struct (= 1.0.0)
      rest-client
    lru_redux (1.1.0)
    method_source (0.8.2)
    middleware (0.1.0)
    mime-types (3.1)
      mime-types-data (~> 3.2015)
    mime-types-data (3.2016.0521)
    minitest (5.10.2)
    msgpack (1.1.0)
    netrc (0.11.0)
    os (1.0.0)
    protobuf (3.7.5)
      activesupport (>= 3.2)
      middleware
      thor
      thread_safe
    pry (0.10.4)
      coderay (~> 1.1.0)
      method_source (~> 0.8.1)
      slop (~> 3.4)
    public_suffix (2.0.5)
    recursive-open-struct (1.0.0)
    rest-client (2.0.2)
      http-cookie (>= 1.0.2, < 2.0)
      mime-types (>= 1.16, < 4.0)
      netrc (~> 0.8)
    rspec (3.6.0)
      rspec-core (~> 3.6.0)
      rspec-expectations (~> 3.6.0)
      rspec-mocks (~> 3.6.0)
    rspec-core (3.6.0)
      rspec-support (~> 3.6.0)
    rspec-expectations (3.6.0)
      diff-lcs (>= 1.2.0, < 2.0)
      rspec-support (~> 3.6.0)
    rspec-mocks (3.6.0)
      diff-lcs (>= 1.2.0, < 2.0)
      rspec-support (~> 3.6.0)
    rspec-support (3.6.0)
    sigdump (0.2.4)
    slop (3.6.0)
    string-scrub (0.0.5)
    thor (0.19.4)
    thread_safe (0.3.6)
    tzinfo (1.2.3)
      thread_safe (~> 0.1)
    tzinfo-data (1.2017.2)
      tzinfo (>= 1.0.0)
    unf (0.1.4)
      unf_ext
    unf_ext (0.0.7.4)
    yajl-ruby (1.3.0)

PLATFORMS
  ruby

DEPENDENCIES
  fluent-plugin-concat
  fluent-plugin-kinesis
  fluent-plugin-kubernetes_metadata_filter
  fluent-plugin-rewrite-tag-filter
  fluent-plugin-slack
  fluentd
  fluentspec!
  pry
  rspec

BUNDLED WITH
   1.14.6
